PATH
  remote: .
  specs:
    swiftype-rb (0.0.1)
      activesupport (>= 2.3.9, < 4)
      faraday
      faraday_middleware
      hashie

GEM
  remote: http://rubygems.org/
  specs:
    activesupport (3.2.0)
      i18n (~> 0.6)
      multi_json (~> 1.0)
    addressable (2.2.6)
    faraday (0.7.6)
      addressable (~> 2.2)
      multipart-post (~> 1.1)
      rack (~> 1.1)
    faraday_middleware (0.8.1)
      faraday (>= 0.7.4, < 0.9)
    hashie (1.2.0)
    i18n (0.6.0)
    multi_json (1.0.4)
    multipart-post (1.1.4)
    rack (1.4.1)

PLATFORMS
  ruby

DEPENDENCIES
  swiftype-rb!
